GIT
  remote: https://github.com/bmabey/database_cleaner.git
  revision: f458536ac6bb09cf93f4f4b53b9fce3741b6c0c8
  specs:
    database_cleaner (2.0.2)
      database_cleaner-active_record (>= 2, < 3)
    database_cleaner-core (2.0.2)

GEM
  remote: http://rubygems.org/
  specs:
    activemodel (7.1.3)
      activesupport (= 7.1.3)
    activerecord (7.1.3)
      activemodel (= 7.1.3)
      activesupport (= 7.1.3)
      timeout (>= 0.4.0)
    activesupport (7.1.3)
      base64
      bigdecimal
      concurrent-ruby (~> 1.0, >= 1.0.2)
      connection_pool (>= 2.2.5)
      drb
      i18n (>= 1.6, < 2)
      minitest (>= 5.1)
      mutex_m
      tzinfo (~> 2.0)
    addressable (2.8.6)
      public_suffix (>= 2.0.2, < 6.0)
    base64 (0.2.0)
    bcrypt (3.1.20)
    bigdecimal (3.1.6)
    bond (0.5.1)
    byebug (11.1.3)
    carrierwave (3.0.5)
      activemodel (>= 6.0.0)
      activesupport (>= 6.0.0)
      addressable (~> 2.6)
      image_processing (~> 1.1)
      marcel (~> 1.0.0)
      ssrf_filter (~> 1.0)
    chunky_png (1.4.0)
    coderay (1.1.3)
    concurrent-ruby (1.2.3)
    connection_pool (2.4.1)
    database_cleaner-active_record (2.1.0)
      activerecord (>= 5.a)
      database_cleaner-core (~> 2.0.0)
    date (3.3.4)
    diff-lcs (1.5.0)
    docile (1.4.0)
    dotenv (2.8.1)
    drb (2.2.0)
      ruby2_keywords
    factory_bot (6.4.5)
      activesupport (>= 5.0.0)
    faker (3.2.3)
      i18n (>= 1.8.11, < 2)
    ffi (1.16.3)
    i18n (1.14.1)
      concurrent-ruby (~> 1.0)
    image_processing (1.12.2)
      mini_magick (>= 4.9.5, < 5)
      ruby-vips (>= 2.0.17, < 3)
    jwt (2.7.1)
    mail (2.8.1)
      mini_mime (>= 0.1.1)
      net-imap
      net-pop
      net-smtp
    marcel (1.0.2)
    method_source (1.0.0)
    mini_magick (4.12.0)
    mini_mime (1.1.5)
    minitest (5.21.2)
    mustermann (3.0.0)
      ruby2_keywords (~> 0.0.1)
    mutex_m (0.2.0)
    net-imap (0.4.9.1)
      date
      net-protocol
    net-pop (0.1.2)
      net-protocol
    net-protocol (0.2.2)
      timeout
    net-smtp (0.4.0.1)
      net-protocol
    nio4r (2.7.0)
    pg (1.5.4)
    pony (1.13.1)
      mail (>= 2.0)
    pry (0.14.2)
      coderay (~> 1.1)
      method_source (~> 1.0)
    public_suffix (5.0.4)
    puma (6.4.2)
      nio4r (~> 2.0)
    rack (2.2.8)
    rack-contrib (2.4.0)
      rack (< 4)
    rack-protection (3.2.0)
      base64 (>= 0.1.0)
      rack (~> 2.2, >= 2.2.4)
    rack-test (2.1.0)
      rack (>= 1.3)
    rake (13.1.0)
    require_all (3.0.0)
    ripl (0.7.1)
      bond (~> 0.5.1)
    ripl-multi_line (0.3.1)
      ripl (>= 0.3.6)
    ripl-rack (0.2.0)
      rack (>= 1.0)
      rack-test (>= 0.5)
      ripl (>= 0.3.5)
    rotp (6.2.2)
    rqrcode (2.2.0)
      chunky_png (~> 1.0)
      rqrcode_core (~> 1.0)
    rqrcode_core (1.2.0)
    rspec (3.12.0)
      rspec-core (~> 3.12.0)
      rspec-expectations (~> 3.12.0)
      rspec-mocks (~> 3.12.0)
    rspec-core (3.12.2)
      rspec-support (~> 3.12.0)
    rspec-expectations (3.12.3)
      diff-lcs (>= 1.2.0, < 2.0)
      rspec-support (~> 3.12.0)
    rspec-mocks (3.12.6)
      diff-lcs (>= 1.2.0, < 2.0)
      rspec-support (~> 3.12.0)
    rspec-support (3.12.1)
    ruby-vips (2.2.0)
      ffi (~> 1.12)
    ruby2_keywords (0.0.5)
    simplecov (0.22.0)
      docile (~> 1.1)
      simplecov-html (~> 0.11)
      simplecov_json_formatter (~> 0.1)
    simplecov-html (0.12.3)
    simplecov_json_formatter (0.1.4)
    sinatra (3.2.0)
      mustermann (~> 3.0)
      rack (~> 2.2, >= 2.2.4)
      rack-protection (= 3.2.0)
      tilt (~> 2.0)
    sinatra-activerecord (2.0.27)
      activerecord (>= 4.1)
      sinatra (>= 1.0)
    sinatra-cross_origin (0.4.0)
    ssrf_filter (1.1.2)
    tilt (2.3.0)
    timeout (0.4.1)
    tux (0.3.0)
      ripl (>= 0.3.5)
      ripl-multi_line (>= 0.2.4)
      ripl-rack (>= 0.2.0)
      sinatra (>= 1.2.1)
    tzinfo (2.0.6)
      concurrent-ruby (~> 1.0)

PLATFORMS
  x86_64-darwin-20
  x86_64-linux

DEPENDENCIES
  activerecord (~> 7.1.0)
  bcrypt (~> 3.1.20)
  byebug (~> 11.1.3)
  carrierwave (~> 3.0)
  database_cleaner!
  dotenv (~> 2.8.1)
  factory_bot (~> 6.4.5)
  faker (~> 3.2.3)
  i18n (~> 1.14.1)
  jwt (~> 2.7.1)
  pg (~> 1.5, >= 1.5.4)
  pony (~> 1.13.1)
  pry (~> 0.14.2)
  puma (~> 6.4.2)
  rack-contrib (~> 2.3)
  rack-test (~> 2.1.0)
  rake (~> 13.1.0)
  require_all (~> 3.0.0)
  rotp (~> 6.2.1)
  rqrcode (~> 2.2.0)
  rspec (~> 3.12.0)
  simplecov (~> 0.22.0)
  sinatra-activerecord (~> 2.0.27)
  sinatra-cross_origin (~> 0.4.0)
  tux (~> 0.3.0)

RUBY VERSION
   ruby 3.1.0p0

BUNDLED WITH
   2.4.22
